GEM
  remote: https://rubygems.org/
  specs:
    axlsx (1.3.6)
      htmlentities (~> 4.3.1)
      nokogiri (>= 1.4.1)
      rubyzip (>= 0.9.5)
    coderay (1.1.0)
    htmlentities (4.3.3)
    method_source (0.8.2)
    mini_portile (0.6.2)
    nokogiri (1.6.6.2)
      mini_portile (~> 0.6.0)
    pry (0.10.1)
      coderay (~> 1.1.0)
      method_source (~> 0.8.1)
      slop (~> 3.4)
    rake (10.4.2)
    rubyzip (0.9.9)
    slop (3.6.0)

PLATFORMS
  ruby

DEPENDENCIES
  axlsx (~> 1.3.6)
  pry
  rake
  rubyzip (< 1.0.0)
